GEM
  remote: https://rubygems.org/
  specs:
    activesupport (5.2.2)
      concurrent-ruby (~> 1.0, >= 1.0.2)
      i18n (>= 0.7, < 2)
      minitest (~> 5.1)
      tzinfo (~> 1.1)
    ast (2.4.0)
    ast_utils (0.3.0)
      parser (~> 2.4)
      thor (>= 0.19)
    coderay (1.1.2)
    concurrent-ruby (1.1.4)
    ffi (1.11.1)
    i18n (1.5.3)
      concurrent-ruby (~> 1.0)
    jsonseq (0.2.0)
    language_server-protocol (3.14.0.1)
    listen (3.1.5)
      rb-fsevent (~> 0.9, >= 0.9.4)
      rb-inotify (~> 0.9, >= 0.9.7)
      ruby_dep (~> 1.2)
    locale (2.1.2)
    method_source (0.9.2)
    mini_portile2 (2.4.0)
    minitest (5.11.3)
    nokogiri (1.10.4)
      mini_portile2 (~> 2.4.0)
    parallel (1.17.0)
    parser (2.5.3.0)
      ast (~> 2.4.0)
    pry (0.12.2)
      coderay (~> 1.1.0)
      method_source (~> 0.9.0)
    querly (0.15.0)
      activesupport (>= 5.0)
      parser (~> 2.5.0)
      rainbow (>= 2.1)
      thor (>= 0.19.0, < 0.21.0)
    rainbow (2.2.2)
      rake
    rake (12.3.2)
    rb-fsevent (0.10.3)
    rb-inotify (0.10.0)
      ffi (~> 1.0)
    retryable (3.0.4)
    rr (1.2.1)
    ruby_dep (1.5.0)
    steep (0.11.0)
      activesupport (~> 5.1)
      ast_utils (~> 0.3.0)
      language_server-protocol (~> 3.14.0)
      listen (~> 3.1)
      parser (~> 2.4)
      pry (~> 0.12.2)
      rainbow (~> 2.2.2, < 4.0)
    strong_json (2.0.0)
    thor (0.20.3)
    thread_safe (0.3.6)
    tzinfo (1.2.5)
      thread_safe (~> 0.1)
    unification_assertion (0.0.1)
      minitest (~> 5)

PLATFORMS
  ruby

DEPENDENCIES
  activesupport
  bundler (>= 1.12, < 3.0)
  jsonseq
  locale
  minitest
  nokogiri (>= 1.10.4)
  parallel
  querly
  retryable
  rr
  steep
  strong_json
  thor
  unification_assertion

BUNDLED WITH
   2.0.2
