GIT
  remote: https://github.com/ybiquitous/aufgaben.git
  revision: 0757062fc4872982f8347497754147a57c807249
  tag: 0.2.0
  specs:
    aufgaben (0.2.0)

GEM
  remote: https://rubygems.org/
  specs:
    activesupport (6.0.0)
      concurrent-ruby (~> 1.0, >= 1.0.2)
      i18n (>= 0.7, < 2)
      minitest (~> 5.1)
      tzinfo (~> 1.1)
      zeitwerk (~> 2.1, >= 2.1.8)
    ast (2.4.0)
    ast_utils (0.3.0)
      parser (~> 2.4)
      thor (>= 0.19)
    aws-eventstream (1.0.3)
    aws-partitions (1.223.0)
    aws-sdk-core (3.68.1)
      aws-eventstream (~> 1.0, >= 1.0.2)
      aws-partitions (~> 1.0)
      aws-sigv4 (~> 1.1)
      jmespath (~> 1.0)
    aws-sdk-kms (1.24.0)
      aws-sdk-core (~> 3, >= 3.61.1)
      aws-sigv4 (~> 1.1)
    aws-sdk-s3 (1.49.0)
      aws-sdk-core (~> 3, >= 3.61.1)
      aws-sdk-kms (~> 1)
      aws-sigv4 (~> 1.1)
    aws-sigv4 (1.1.0)
      aws-eventstream (~> 1.0, >= 1.0.2)
    bugsnag (6.12.1)
      concurrent-ruby (~> 1.0)
    coderay (1.1.2)
    concurrent-ruby (1.1.5)
    ffi (1.11.1)
    i18n (1.7.0)
      concurrent-ruby (~> 1.0)
    jaro_winkler (1.5.3)
    jmespath (1.4.0)
    jsonseq (0.2.0)
    language_server-protocol (3.14.0.1)
    listen (3.2.0)
      rb-fsevent (~> 0.10, >= 0.10.3)
      rb-inotify (~> 0.9, >= 0.9.10)
    locale (2.1.2)
    meowcop (2.4.0)
      rubocop (>= 0.75.0, < 1.0.0)
    method_source (0.9.2)
    minitest (5.12.2)
    parallel (1.18.0)
    parser (2.6.5.0)
      ast (~> 2.4.0)
    pry (0.12.2)
      coderay (~> 1.1.0)
      method_source (~> 0.9.0)
    querly (1.0.0)
      activesupport (>= 5.0)
      parallel (~> 1.17)
      parser (>= 2.5.0)
      rainbow (>= 2.1)
      thor (>= 0.19.0, < 0.21.0)
    rainbow (3.0.0)
    rake (13.0.0)
    rb-fsevent (0.10.3)
    rb-inotify (0.10.0)
      ffi (~> 1.0)
    retryable (3.0.4)
    rr (1.2.1)
    rubocop (0.75.0)
      jaro_winkler (~> 1.5.1)
      parallel (~> 1.10)
      parser (>= 2.6)
      rainbow (>= 2.2.2, < 4.0)
      ruby-progressbar (~> 1.7)
      unicode-display_width (>= 1.4.0, < 1.7)
    ruby-progressbar (1.10.1)
    steep (0.11.1)
      activesupport (>= 5.1)
      ast_utils (~> 0.3.0)
      language_server-protocol (~> 3.14.0)
      listen (~> 3.1)
      parser (~> 2.4)
      pry (~> 0.12.2)
      rainbow (>= 2.2.2, < 4.0)
    strong_json (2.1.0)
    sysexits (1.2.0)
    thor (0.20.3)
    thread_safe (0.3.6)
    tzinfo (1.2.5)
      thread_safe (~> 0.1)
    unicode-display_width (1.6.0)
    unification_assertion (0.0.1)
      minitest (~> 5)
    zeitwerk (2.2.0)

PLATFORMS
  ruby

DEPENDENCIES
  activesupport
  aufgaben!
  aws-sdk-s3
  bugsnag
  bundler (>= 1.12, < 3.0)
  jsonseq
  locale
  meowcop
  minitest
  parallel
  querly
  rake
  retryable
  rr
  rubocop
  steep
  strong_json
  sysexits (~> 1.1)
  unification_assertion

BUNDLED WITH
   2.0.2
