GIT
  remote: https://github.com/ybiquitous/aufgaben.git
  revision: 1bddd85665a93b4436dbaf4b2e5d2810a0eae63a
  tag: 0.5.0
  specs:
    aufgaben (0.5.0)

GEM
  remote: https://rubygems.org/
  specs:
    activesupport (6.0.2.2)
      concurrent-ruby (~> 1.0, >= 1.0.2)
      i18n (>= 0.7, < 2)
      minitest (~> 5.1)
      tzinfo (~> 1.1)
      zeitwerk (~> 2.2)
    amazing_print (1.0.0)
    ast (2.4.0)
    ast_utils (0.3.0)
      parser (~> 2.4)
      thor (>= 0.19)
    aws-eventstream (1.1.0)
    aws-partitions (1.300.0)
    aws-sdk-core (3.94.0)
      aws-eventstream (~> 1, >= 1.0.2)
      aws-partitions (~> 1, >= 1.239.0)
      aws-sigv4 (~> 1.1)
      jmespath (~> 1.0)
    aws-sdk-kms (1.30.0)
      aws-sdk-core (~> 3, >= 3.71.0)
      aws-sigv4 (~> 1.1)
    aws-sdk-s3 (1.62.0)
      aws-sdk-core (~> 3, >= 3.83.0)
      aws-sdk-kms (~> 1)
      aws-sigv4 (~> 1.1)
    aws-sigv4 (1.1.2)
      aws-eventstream (~> 1.0, >= 1.0.2)
    bugsnag (6.13.0)
      concurrent-ruby (~> 1.0)
    coderay (1.1.2)
    concurrent-ruby (1.1.6)
    ffi (1.12.2)
    git_diff_parser (3.2.0)
    i18n (1.8.2)
      concurrent-ruby (~> 1.0)
    jmespath (1.4.0)
    jsonseq (0.2.0)
    language_server-protocol (3.14.0.1)
    lefthook (0.7.1)
    listen (3.2.1)
      rb-fsevent (~> 0.10, >= 0.10.3)
      rb-inotify (~> 0.9, >= 0.9.10)
    locale (2.1.3)
    method_source (0.9.2)
    minitest (5.14.0)
    parallel (1.19.1)
    parser (2.7.1.1)
      ast (~> 2.4.0)
    prettier (0.18.1)
    pry (0.12.2)
      coderay (~> 1.1.0)
      method_source (~> 0.9.0)
    rainbow (3.0.0)
    rake (13.0.1)
    rb-fsevent (0.10.3)
    rb-inotify (0.10.1)
      ffi (~> 1.0)
    retryable (3.0.5)
    rexml (3.2.4)
    rr (1.2.1)
    steep (0.11.1)
      activesupport (>= 5.1)
      ast_utils (~> 0.3.0)
      language_server-protocol (~> 3.14.0)
      listen (~> 3.1)
      parser (~> 2.4)
      pry (~> 0.12.2)
      rainbow (>= 2.2.2, < 4.0)
    strong_json (2.1.0)
    thor (1.0.1)
    thread_safe (0.3.6)
    tzinfo (1.2.7)
      thread_safe (~> 0.1)
    unification_assertion (0.0.1)
      minitest (~> 5)
    zeitwerk (2.3.0)

PLATFORMS
  ruby

DEPENDENCIES
  activesupport
  amazing_print
  aufgaben!
  aws-sdk-s3
  bugsnag
  bundler (>= 1.12, < 3.0)
  git_diff_parser
  jsonseq
  lefthook
  locale
  minitest
  parallel
  prettier
  rake
  retryable
  rexml (>= 3.2, < 4.0)
  rr
  steep (= 0.11.1)
  strong_json
  unification_assertion

BUNDLED WITH
   2.1.4
