GEM
  remote: https://rubygems.org/
  specs:
    ast (2.4.0)
    haml (5.0.4)
      temple (>= 0.8.0)
      tilt
    haml_lint (0.30.0)
      haml (>= 4.0, < 5.1)
      rainbow
      rake (>= 10, < 13)
      rubocop (>= 0.50.0)
      sysexits (~> 1.1)
    jaro_winkler (1.5.2)
    meowcop (1.20.0)
      rubocop (>= 0.69.0)
    parallel (1.17.0)
    parser (2.6.3.0)
      ast (~> 2.4.0)
    rainbow (3.0.0)
    rake (12.3.2)
    rubocop (0.69.0)
      jaro_winkler (~> 1.5.1)
      parallel (~> 1.10)
      parser (>= 2.6)
      rainbow (>= 2.2.2, < 4.0)
      ruby-progressbar (~> 1.7)
      unicode-display_width (>= 1.4.0, < 1.7)
    ruby-progressbar (1.10.0)
    sysexits (1.2.0)
    temple (0.8.1)
    tilt (2.0.9)
    unicode-display_width (1.6.0)

PLATFORMS
  ruby

DEPENDENCIES
  haml_lint
  meowcop
  rubocop

BUNDLED WITH
   2.0.1
