GEM
  remote: https://rubygems.org/
  specs:
    activesupport (5.1.6.2)
      concurrent-ruby (~> 1.0, >= 1.0.2)
      i18n (>= 0.7, < 2)
      minitest (~> 5.1)
      tzinfo (~> 1.1)
    ast (2.4.0)
    concurrent-ruby (1.1.5)
    i18n (1.6.0)
      concurrent-ruby (~> 1.0)
    minitest (5.11.3)
    parser (2.4.0.2)
      ast (~> 2.3)
    querly (0.5.0)
      activesupport (~> 5.1.1)
      parser (~> 2.4.0)
      rainbow (~> 2.1)
      thor (~> 0.19)
    rainbow (2.2.2)
      rake
    rake (12.3.2)
    thor (0.20.3)
    thread_safe (0.3.6)
    tzinfo (1.2.5)
      thread_safe (~> 0.1)

PLATFORMS
  ruby

DEPENDENCIES
  querly (= 0.5.0)

BUNDLED WITH
   2.0.1
