GEM
  remote: https://rubygems.org/
  specs:
    ast (2.4.0)
    parser (2.6.2.0)
      ast (~> 2.4.0)
    powerpack (0.1.2)
    rainbow (2.2.2)
      rake
    rake (12.3.2)
    rubocop (0.36.0)
      parser (>= 2.3.0.0, < 3.0)
      powerpack (~> 0.1)
      rainbow (>= 1.99.1, < 3.0)
      ruby-progressbar (~> 1.7)
    ruby-progressbar (1.10.0)

PLATFORMS
  ruby

DEPENDENCIES
  rubocop (= 0.36.0)

BUNDLED WITH
   2.0.1
